GIT
  remote: git://github.com/radar/summer.git
  revision: 7c89d4c016ac7fc66470bd27eda7e8d8043a745e
  branch: master
  specs:
    summer (1.0.0)
      activesupport (>= 3)

GEM
  remote: http://rubygems.org/
  specs:
    activemodel (4.0.0)
      activesupport (= 4.0.0)
      builder (~> 3.1.0)
    activerecord (4.0.0)
      activemodel (= 4.0.0)
      activerecord-deprecated_finders (~> 1.0.2)
      activesupport (= 4.0.0)
      arel (~> 4.0.0)
    activerecord-deprecated_finders (1.0.3)
    activesupport (4.0.0)
      i18n (~> 0.6, >= 0.6.4)
      minitest (~> 4.2)
      multi_json (~> 1.3)
      thread_safe (~> 0.1)
      tzinfo (~> 0.3.37)
    arel (4.0.2)
    builder (3.1.4)
    coderay (1.1.0)
    cucumber (1.3.8)
      builder (>= 2.1.2)
      diff-lcs (>= 1.1.3)
      gherkin (~> 2.12.1)
      multi_json (>= 1.7.5, < 2.0)
      multi_test (>= 0.0.2)
    diff-lcs (1.2.5)
    gherkin (2.12.2)
      multi_json (~> 1.3)
    httparty (0.13.1)
      json (~> 1.8)
      multi_xml (>= 0.5.2)
    i18n (0.6.11)
    json (1.8.1)
    method_source (0.8.2)
    mini_portile2 (2.5.1)
    minitest (4.7.5)
    multi_json (1.10.1)
    multi_test (0.1.1)
    multi_xml (0.5.5)
    nokogiri (1.11.5)
      mini_portile2 (~> 2.5.0)
      racc (~> 1.4)
    pg (0.17.1)
    pry (0.10.1)
      coderay (~> 1.1.0)
      method_source (~> 0.8.1)
      slop (~> 3.4)
    racc (1.5.2)
    slop (3.6.0)
    thread_safe (0.3.4)
    tzinfo (0.3.41)

PLATFORMS
  ruby

DEPENDENCIES
  activerecord (= 4.0.0)
  activesupport (= 4.0.0)
  cucumber (= 1.3.8)
  httparty
  json
  nokogiri
  pg
  pry
  summer!
